GEM
  remote: https://rubygems.org/
  specs:
    cuba (3.3.0)
      rack
    rack (1.5.2)

PLATFORMS
  ruby

DEPENDENCIES
  cuba (~> 3.3.0)
